GEM
  remote: https://rubygems.org/
  specs:
    sqlite3 (1.6.0-arm64-darwin)

PLATFORMS
  arm64-darwin-21

DEPENDENCIES
  sqlite3

RUBY VERSION
   ruby 3.0.0p0

BUNDLED WITH
   2.2.3
